GEM
  specs:
    blankslate (2.1.2.4)
    diff-lcs (1.1.2)
    parslet (1.2.0)
      blankslate (~> 2.0)
    rspec (2.5.0)
      rspec-core (~> 2.5.0)
      rspec-expectations (~> 2.5.0)
      rspec-mocks (~> 2.5.0)
    rspec-core (2.5.1)
    rspec-expectations (2.5.0)
      diff-lcs (~> 1.1.2)
    rspec-mocks (2.5.0)

PLATFORMS
  ruby

DEPENDENCIES
  parslet (~> 1.2)
  rspec (~> 2.5)
